GEM
  remote: https://rubygems.org/
  specs:
    kaitai-struct (0.9)

PLATFORMS
  ruby

DEPENDENCIES
  kaitai-struct

BUNDLED WITH
   2.1.4
